GEM
  remote: https://rubygems.org/
  specs:
    builder (3.2.3)
    daemons (1.2.6)
    eventmachine (1.2.5)
    mini_portile2 (2.3.0)
    mustermann (1.0.2)
    nokogiri (1.8.2)
      mini_portile2 (~> 2.3.0)
    pdf-core (0.7.0)
    prawn (2.2.2)
      pdf-core (~> 0.7.0)
      ttfunk (~> 1.5)
    rack (2.0.5)
    rack-protection (2.0.3)
      rack
    sinatra (2.0.3)
      mustermann (~> 1.0)
      rack (~> 2.0)
      rack-protection (= 2.0.3)
      tilt (~> 2.0)
    thin (1.7.2)
      daemons (~> 1.0, >= 1.0.9)
      eventmachine (~> 1.0, >= 1.0.4)
      rack (>= 1, < 3)
    tilt (2.0.8)
    ttfunk (1.5.1)

PLATFORMS
  ruby

DEPENDENCIES
  builder
  nokogiri
  prawn
  sinatra
  thin

BUNDLED WITH
   1.16.2
