GEM
  remote: https://rubygems.org/
  specs:
    builder (3.2.3)
    cairo (1.15.12)
      native-package-installer (>= 1.0.3)
      pkg-config (>= 1.2.2)
    daemons (1.2.6)
    eventmachine (1.2.5)
    mustermann (1.0.2)
    native-package-installer (1.0.6)
    pdf-core (0.7.0)
    pkg-config (1.2.9)
    prawn (2.2.2)
      pdf-core (~> 0.7.0)
      ttfunk (~> 1.5)
    rack (2.0.4)
    rack-protection (2.0.1)
      rack
    sinatra (2.0.1)
      mustermann (~> 1.0)
      rack (~> 2.0)
      rack-protection (= 2.0.1)
      tilt (~> 2.0)
    thin (1.7.2)
      daemons (~> 1.0, >= 1.0.9)
      eventmachine (~> 1.0, >= 1.0.4)
      rack (>= 1, < 3)
    tilt (2.0.8)
    ttfunk (1.5.1)

PLATFORMS
  ruby

DEPENDENCIES
  builder
  cairo
  prawn
  sinatra
  thin

BUNDLED WITH
   1.16.1
